GEM
  remote: https://rubygems.org/
  specs:
    annotate_gem (0.0.14)
      bundler (>= 1.1)
    ast (2.4.2)
    async (2.10.2)
      console (~> 1.10)
      fiber-annotation
      io-event (~> 1.5, >= 1.5.1)
      timers (~> 4.1)
    async-container (0.18.0)
      async
      async-io
    async-http (0.65.0)
      async (>= 2.10.2)
      async-pool (>= 0.6.1)
      io-endpoint (~> 0.10.0)
      io-stream (~> 0.3.0)
      protocol-http (~> 0.26.0)
      protocol-http1 (~> 0.19.0)
      protocol-http2 (~> 0.17.0)
      traces (>= 0.10.0)
    async-http-cache (0.4.3)
      async-http (~> 0.56)
    async-io (1.43.2)
      async
    async-pool (0.6.1)
      async (>= 1.25)
    async-service (0.12.0)
      async
      async-container (~> 0.16)
    bigdecimal (3.1.7)
    brotli (0.5.0)
    concurrent-ruby (1.2.3)
    console (1.24.0)
      fiber-annotation
      fiber-local
      json
    dotenv (3.1.0)
    falcon (0.46.0)
      async
      async-container (~> 0.18)
      async-http (~> 0.57)
      async-http-cache (~> 0.4.0)
      async-io (~> 1.22)
      async-service (~> 0.10)
      bundler
      localhost (~> 1.1)
      openssl (~> 3.0)
      process-metrics (~> 0.2.0)
      protocol-rack (~> 0.5)
      samovar (~> 2.3)
    fiber-annotation (0.2.0)
    fiber-local (1.0.0)
    http-2-next (1.0.3)
    httpx (1.2.4)
      http-2-next (>= 1.0.3)
    io-endpoint (0.10.1)
    io-event (1.5.1)
    io-stream (0.3.0)
    json (2.7.2)
    language_server-protocol (3.17.0.3)
    localhost (1.3.1)
    mapping (1.1.1)
    newrelic_rpm (9.9.0)
    oj (3.16.3)
      bigdecimal (>= 3.0)
    openssl (3.2.0)
    parallel (1.24.0)
    parser (3.3.0.5)
      ast (~> 2.4.1)
      racc
    process-metrics (0.2.1)
      console (~> 1.8)
      samovar (~> 2.1)
    protocol-hpack (1.4.3)
    protocol-http (0.26.4)
    protocol-http1 (0.19.1)
      protocol-http (~> 0.22)
    protocol-http2 (0.17.0)
      protocol-hpack (~> 1.4)
      protocol-http (~> 0.18)
    protocol-rack (0.5.0)
      protocol-http (~> 0.23)
      rack (>= 1.0)
    racc (1.7.3)
    rack (3.0.10)
    rack-cors (2.0.2)
      rack (>= 2.0.0)
    rackup (2.1.0)
      rack (>= 3)
      webrick (~> 1.8)
    rainbow (3.1.1)
    regexp_parser (2.9.0)
    rexml (3.2.6)
    roda (3.79.0)
      rack
    rubocop (1.63.3)
      json (~> 2.3)
      language_server-protocol (>= 3.17.0)
      parallel (~> 1.10)
      parser (>= 3.3.0.2)
      rainbow (>= 2.2.2, < 4.0)
      regexp_parser (>= 1.8, < 3.0)
      rexml (>= 3.2.5, < 4.0)
      rubocop-ast (>= 1.31.1, < 2.0)
      ruby-progressbar (~> 1.7)
      unicode-display_width (>= 2.4.0, < 3.0)
    rubocop-ast (1.31.2)
      parser (>= 3.3.0.4)
    rubocop-performance (1.21.0)
      rubocop (>= 1.48.1, < 2.0)
      rubocop-ast (>= 1.31.1, < 2.0)
    rubocop-rake (0.6.0)
      rubocop (~> 1.0)
    ruby-progressbar (1.13.0)
    samovar (2.3.0)
      console (~> 1.0)
      mapping (~> 1.0)
    sentry-ruby (5.17.3)
      bigdecimal
      concurrent-ruby (~> 1.0, >= 1.0.2)
    timers (4.3.5)
    traces (0.11.1)
    unicode-display_width (2.5.0)
    webrick (1.8.1)

PLATFORMS
  ruby

DEPENDENCIES
  annotate_gem
  brotli
  dotenv
  falcon
  httpx
  newrelic_rpm
  oj
  rack-cors
  rackup
  roda
  rubocop
  rubocop-performance
  rubocop-rake
  sentry-ruby

RUBY VERSION
   ruby 3.3.0p0

BUNDLED WITH
   2.5.9
