GEM
  remote: https://rubygems.org/
  specs:
    addressable (2.7.0)
      public_suffix (>= 2.0.2, < 5.0)
    annotate_gem (0.0.14)
      bundler (>= 1.1)
    ast (2.4.2)
    async (1.27.0)
      console (~> 1.10)
      nio4r (~> 2.3)
      timers (~> 4.1)
    async-container (0.16.8)
      async (~> 1.0)
      async-io (~> 1.26)
    async-http (0.53.1)
      async (~> 1.25)
      async-io (~> 1.28)
      async-pool (~> 0.2)
      protocol-http (~> 0.21.0)
      protocol-http1 (~> 0.13.0)
      protocol-http2 (~> 0.14.0)
    async-http-cache (0.3.0)
      async-http (~> 0.53)
    async-io (1.30.1)
      async (~> 1.14)
    async-pool (0.3.2)
      async (~> 1.25)
    build-environment (1.13.0)
    console (1.10.1)
      fiber-local
    domain_name (0.5.20190701)
      unf (>= 0.0.5, < 1.0.0)
    falcon (0.36.7)
      async (~> 1.13)
      async-container (~> 0.16.0)
      async-http (~> 0.53.0)
      async-http-cache (~> 0.3.0)
      async-io (~> 1.22)
      build-environment (~> 1.13)
      bundler
      localhost (~> 1.1)
      process-metrics (~> 0.2.0)
      rack (>= 1.0)
      samovar (~> 2.1)
    ffi (1.13.1)
    ffi-compiler (1.0.1)
      ffi (>= 1.0.0)
      rake
    fiber-local (1.0.0)
    http (4.4.1)
      addressable (~> 2.3)
      http-cookie (~> 1.0)
      http-form_data (~> 2.2)
      http-parser (~> 1.2.0)
    http-cookie (1.0.3)
      domain_name (~> 0.5)
    http-form_data (2.3.0)
    http-parser (1.2.1)
      ffi-compiler (>= 1.0, < 2.0)
    localhost (1.1.6)
    mapping (1.1.1)
    mustermann (1.1.1)
      ruby2_keywords (~> 0.0.1)
    newrelic_rpm (6.12.0.367)
    nio4r (2.5.4)
    oj (3.10.8)
    parallel (1.20.1)
    parser (3.0.0.0)
      ast (~> 2.4.1)
    process-metrics (0.2.1)
      console (~> 1.8)
      samovar (~> 2.1)
    protocol-hpack (1.4.2)
    protocol-http (0.21.0)
    protocol-http1 (0.13.1)
      protocol-http (~> 0.19)
    protocol-http2 (0.14.1)
      protocol-hpack (~> 1.4)
      protocol-http (~> 0.18)
    public_suffix (4.0.3)
    rack (2.2.3)
    rack-cors (1.1.1)
      rack (>= 2.0.0)
    rack-protection (2.1.0)
      rack
    rainbow (3.0.0)
    rake (13.0.1)
    regexp_parser (2.0.3)
    rexml (3.2.4)
    rubocop (1.9.0)
      parallel (~> 1.10)
      parser (>= 3.0.0.0)
      rainbow (>= 2.2.2, < 4.0)
      regexp_parser (>= 1.8, < 3.0)
      rexml
      rubocop-ast (>= 1.2.0, < 2.0)
      ruby-progressbar (~> 1.7)
      unicode-display_width (>= 1.4.0, < 3.0)
    rubocop-ast (1.4.1)
      parser (>= 2.7.1.5)
    ruby-progressbar (1.11.0)
    ruby2_keywords (0.0.2)
    samovar (2.1.4)
      console (~> 1.0)
      mapping (~> 1.0)
    sinatra (2.1.0)
      mustermann (~> 1.0)
      rack (~> 2.2)
      rack-protection (= 2.1.0)
      tilt (~> 2.0)
    tilt (2.0.10)
    timers (4.3.2)
    unf (0.1.4)
      unf_ext
    unf_ext (0.0.7.7)
    unicode-display_width (2.0.0)

PLATFORMS
  ruby

DEPENDENCIES
  annotate_gem
  falcon
  http
  newrelic_rpm
  oj
  rack-cors
  rubocop
  sinatra

RUBY VERSION
   ruby 2.7.0p0

BUNDLED WITH
   2.1.4
