GIT
  remote: https://github.com/hanami/api.git
  revision: 10c0d3b79232e933dd4e9e74bb2c6feb4a1f539e
  specs:
    hanami-api (0.2.0)
      hanami-router (~> 2.0.alpha)

GEM
  remote: https://rubygems.org/
  specs:
    annotate_gem (0.0.14)
      bundler (>= 1.1)
    ast (2.4.2)
    async (2.0.3)
      console (~> 1.10)
      io-event (~> 1.0.0)
      timers (~> 4.1)
    async-container (0.16.12)
      async
      async-io
    async-http (0.56.6)
      async (>= 1.25)
      async-io (>= 1.28)
      async-pool (>= 0.2)
      protocol-http (~> 0.22.0)
      protocol-http1 (~> 0.14.0)
      protocol-http2 (~> 0.14.0)
      traces (~> 0.4.0)
    async-http-cache (0.4.2)
      async-http (~> 0.56)
    async-io (1.33.0)
      async
    async-pool (0.3.10)
      async (>= 1.25)
    build-environment (1.13.0)
    concurrent-ruby (1.1.10)
    console (1.15.3)
      fiber-local
    falcon (0.40.1)
      async
      async-container (~> 0.16.0)
      async-http (~> 0.56.0)
      async-http-cache (~> 0.4.0)
      async-io (~> 1.22)
      build-environment (~> 1.13)
      bundler
      localhost (~> 1.1)
      process-metrics (~> 0.2.0)
      rack (>= 1.0)
      samovar (~> 2.1)
    fiber-local (1.0.0)
    hanami-router (2.0.0.alpha6)
      mustermann (~> 1.0)
      mustermann-contrib (~> 1.0)
      rack (~> 2.0)
    hansi (0.2.0)
    http-2-next (0.5.0)
    httpx (0.20.4)
      http-2-next (>= 0.4.1)
    io-event (1.0.9)
    json (2.6.2)
    localhost (1.1.9)
    mapping (1.1.1)
    mustermann (1.1.1)
      ruby2_keywords (~> 0.0.1)
    mustermann-contrib (1.1.1)
      hansi (~> 0.2.0)
      mustermann (= 1.1.1)
    newrelic_rpm (8.9.0)
    oj (3.13.19)
    parallel (1.22.1)
    parser (3.1.2.0)
      ast (~> 2.4.1)
    process-metrics (0.2.1)
      console (~> 1.8)
      samovar (~> 2.1)
    protocol-hpack (1.4.2)
    protocol-http (0.22.6)
    protocol-http1 (0.14.4)
      protocol-http (~> 0.22)
    protocol-http2 (0.14.2)
      protocol-hpack (~> 1.4)
      protocol-http (~> 0.18)
    rack (2.2.4)
    rack-cors (1.1.1)
      rack (>= 2.0.0)
    rainbow (3.1.1)
    regexp_parser (2.5.0)
    rexml (3.2.5)
    rubocop (1.33.0)
      json (~> 2.3)
      parallel (~> 1.10)
      parser (>= 3.1.0.0)
      rainbow (>= 2.2.2, < 4.0)
      regexp_parser (>= 1.8, < 3.0)
      rexml (>= 3.2.5, < 4.0)
      rubocop-ast (>= 1.19.1, < 2.0)
      ruby-progressbar (~> 1.7)
      unicode-display_width (>= 1.4.0, < 3.0)
    rubocop-ast (1.19.1)
      parser (>= 3.1.1.0)
    rubocop-performance (1.14.3)
      rubocop (>= 1.7.0, < 2.0)
      rubocop-ast (>= 0.4.0)
    rubocop-rake (0.6.0)
      rubocop (~> 1.0)
    ruby-progressbar (1.11.0)
    ruby2_keywords (0.0.5)
    samovar (2.1.4)
      console (~> 1.0)
      mapping (~> 1.0)
    sentry-ruby (5.4.1)
      concurrent-ruby (~> 1.0, >= 1.0.2)
    timers (4.3.3)
    traces (0.4.1)
    unicode-display_width (2.2.0)

PLATFORMS
  ruby

DEPENDENCIES
  annotate_gem
  falcon
  hanami-api!
  httpx
  newrelic_rpm
  oj
  rack-cors
  rubocop
  rubocop-performance
  rubocop-rake
  sentry-ruby

RUBY VERSION
   ruby 3.1.2p20

BUNDLED WITH
   2.3.12
