GEM
  remote: https://rubygems.org/
  specs:
    addressable (2.5.2)
      public_suffix (>= 2.0.2, < 4.0)
    annotate_gem (0.0.11)
      bundler (~> 1.1)
    ast (2.3.0)
    domain_name (0.5.20170404)
      unf (>= 0.0.5, < 1.0.0)
    http (3.0.0)
      addressable (~> 2.3)
      http-cookie (~> 1.0)
      http-form_data (>= 2.0.0.pre.pre2, < 3)
      http_parser.rb (~> 0.6.0)
    http-cookie (1.0.3)
      domain_name (~> 0.5)
    http-form_data (2.0.0)
    http_parser.rb (0.6.0)
    mustermann (1.0.1)
    newrelic_rpm (4.5.0.337)
    oj (3.3.8)
    parallel (1.12.0)
    parser (2.4.0.0)
      ast (~> 2.2)
    powerpack (0.1.1)
    public_suffix (3.0.0)
    puma (3.10.0)
    rack (2.0.3)
    rack-cors (1.0.1)
    rack-protection (2.0.0)
      rack
    rainbow (2.2.2)
      rake
    rake (12.1.0)
    rubocop (0.51.0)
      parallel (~> 1.10)
      parser (>= 2.3.3.1, < 3.0)
      powerpack (~> 0.1)
      rainbow (>= 2.2.2, < 3.0)
      ruby-progressbar (~> 1.7)
      unicode-display_width (~> 1.0, >= 1.0.1)
    ruby-progressbar (1.9.0)
    sinatra (2.0.0)
      mustermann (~> 1.0)
      rack (~> 2.0)
      rack-protection (= 2.0.0)
      tilt (~> 2.0)
    tilt (2.0.8)
    unf (0.1.4)
      unf_ext
    unf_ext (0.0.7.4)
    unicode-display_width (1.3.0)

PLATFORMS
  ruby

DEPENDENCIES
  annotate_gem
  http
  newrelic_rpm
  oj
  puma
  rack-cors
  rubocop
  sinatra

RUBY VERSION
   ruby 2.4.2p198

BUNDLED WITH
   1.15.4
